GEM
  remote: https://rubygems.org/
  specs:
    rainbow (3.0.0)

PLATFORMS
  ruby

DEPENDENCIES
  rainbow

BUNDLED WITH
   1.16.0
